GEM
  remote: https://rubygems.org/
  specs:
    addressable (2.4.0)
    concurrent-ruby (1.0.1)
    cookiejar (0.3.0)
    em-http-request (1.1.3)
      addressable (>= 2.3.4)
      cookiejar (<= 0.3.0)
      em-socksify (>= 0.3)
      eventmachine (>= 1.0.3)
      http_parser.rb (>= 0.6.0)
    em-socksify (0.3.1)
      eventmachine (>= 1.0.0.beta.4)
    eventmachine (1.0.9.1)
    faraday (0.9.2)
      multipart-post (>= 1.2, < 3)
    faraday-http-cache (0.4.2)
      faraday (~> 0.8)
    hashdiff (0.3.0)
    http_parser.rb (0.6.0)
    json (1.8.3)
    ld-em-eventsource (0.2.4)
      em-http-request (~> 1.0)
      eventmachine (~> 1.0)
    ldclient-rb (0.7.0)
      concurrent-ruby (~> 1.0.0)
      faraday (~> 0.9)
      faraday-http-cache (~> 0.4)
      hashdiff (~> 0.2)
      json (~> 1.8)
      ld-em-eventsource (~> 0.2)
      net-http-persistent (~> 2.9)
      thread_safe (~> 0.3)
    multipart-post (2.0.0)
    net-http-persistent (2.9.4)
    thread_safe (0.3.5)

PLATFORMS
  ruby

DEPENDENCIES
  ldclient-rb (= 0.7.0)

BUNDLED WITH
   1.10.6
